PATH
  remote: .
  specs:
    docopt-compgen (1.6.1)
      colorize (~> 0.8.1)
      docopt (~> 0.6.1)

GEM
  remote: https://rubygems.org/
  specs:
    colorize (0.8.1)
    docopt (0.6.1)
    rake (13.1.0)

PLATFORMS
  ruby

DEPENDENCIES
  docopt-compgen!
  rake (~> 13.0)

BUNDLED WITH
   2.5.4
